PATH
  remote: .
  specs:
    adhearsion (2.4.0)
      activesupport (>= 3.0.0, < 5.0.0)
      adhearsion-loquacious (~> 1.9)
      bundler (~> 1.0)
      celluloid (~> 0.14)
      countdownlatch
      deep_merge
      ffi (~> 1.0)
      girl_friday
      has-guarded-handlers (~> 1.5)
      jruby-openssl
      logging (~> 1.8)
      pry
      punchblock (~> 2.0)
      rake
      ruby_speech (~> 2.0)
      thor (~> 0.18.0)

GEM
  remote: https://rubygems.org/
  specs:
    activesupport (3.2.22.5)
      i18n (~> 0.6, >= 0.6.4)
      multi_json (~> 1.0)
    adhearsion-loquacious (1.9.3)
    aruba (0.5.4)
      childprocess (>= 0.3.6)
      cucumber (>= 1.1.1)
      rspec-expectations (>= 2.7.0)
    backports (3.8.0)
    blather (1.2.0)
      activesupport (>= 2.3.11)
      eventmachine (>= 1.0.0)
      girl_friday
      niceogiri (~> 1.0)
      nokogiri (~> 1.5, >= 1.5.6, <= 1.6.1)
    builder (3.2.3)
    celluloid (0.15.2)
      timers (~> 1.1.0)
    celluloid-io (0.15.0)
      celluloid (>= 0.15.0)
      nio4r (>= 0.5.0)
    childprocess (0.5.1)
      ffi (~> 1.0, >= 1.0.11)
    ci_reporter (2.0.0)
      builder (>= 2.1.2)
    ci_reporter_cucumber (1.0.2)
      ci_reporter (~> 2.0)
      cucumber (~> 1.3.3)
    ci_reporter_rspec (1.0.0)
      ci_reporter (~> 2.0)
      rspec (>= 2.14, < 4)
    coderay (1.1.0)
    connection_pool (1.2.0)
    countdownlatch (1.0.0)
    coveralls (0.7.0)
      multi_json (~> 1.3)
      rest-client
      simplecov (>= 0.7)
      term-ansicolor
      thor
    cucumber (1.3.12)
      builder (>= 2.1.2)
      diff-lcs (>= 1.1.3)
      gherkin (~> 2.12)
      multi_json (>= 1.7.5, < 2.0)
      multi_test (>= 0.1.1)
    deep_merge (1.1.1)
    descendants_tracker (0.0.4)
      thread_safe (~> 0.3, >= 0.3.1)
    diff-lcs (1.2.5)
    docile (1.1.3)
    eventmachine (1.2.5)
    eventmachine (1.2.5-java)
    ffi (1.9.3)
    ffi (1.9.3-java)
    formatador (0.2.4)
    future-resource (1.1.0)
    gherkin (2.12.2)
      multi_json (~> 1.3)
    gherkin (2.12.2-java)
      multi_json (~> 1.3)
    girl_friday (0.11.2)
      connection_pool (~> 1.0)
      rubinius-actor
    guard (2.5.1)
      formatador (>= 0.2.4)
      listen (~> 2.6)
      lumberjack (~> 1.0)
      pry (>= 0.9.12)
      thor (>= 0.18.1)
    guard-cucumber (1.4.1)
      cucumber (>= 1.2.0)
      guard (>= 1.1.0)
    guard-rspec (2.5.4)
      guard (>= 1.1)
      rspec (~> 2.11)
    has-guarded-handlers (1.6.3)
    i18n (0.8.6)
    jruby-openssl (0.9.21-java)
    listen (2.7.1)
      celluloid (>= 0.15.2)
      celluloid-io (>= 0.15.0)
      rb-fsevent (>= 0.9.3)
      rb-inotify (>= 0.9)
    little-plugger (1.1.4)
    logging (1.8.2)
      little-plugger (>= 1.1.3)
      multi_json (>= 1.8.4)
    lumberjack (1.0.4)
    method_source (0.8.2)
    mime-types (2.2)
    mini_portile (0.5.3)
    multi_json (1.9.2)
    multi_test (0.1.1)
    niceogiri (1.1.2)
      nokogiri (~> 1.5)
    nio4r (1.0.0)
    nio4r (1.0.0-java)
    nokogiri (1.6.1-java)
      mini_portile (~> 0.5.0)
    pry (0.9.12.6)
      coderay (~> 1.0)
      method_source (~> 0.8)
      slop (~> 3.4)
    pry (0.9.12.6-java)
      coderay (~> 1.0)
      method_source (~> 0.8)
      slop (~> 3.4)
      spoon (~> 0.0)
    punchblock (2.0.2)
      activesupport (>= 3.0.0, < 5.0.0)
      blather (>= 0.7.0)
      celluloid (~> 0.14)
      future-resource (~> 1.0)
      has-guarded-handlers (~> 1.5)
      nokogiri (~> 1.5, >= 1.5.6)
      ruby_ami (~> 2.0)
      ruby_fs (~> 1.1)
      ruby_jid (~> 1.0)
      ruby_speech (~> 2.0)
      state_machine (~> 1.0)
      virtus (~> 0.5)
    rake (12.1.0)
    rb-fsevent (0.9.4)
    rb-inotify (0.9.3)
      ffi (>= 0.5.0)
    rest-client (1.6.7)
      mime-types (>= 1.16)
    rspec (2.14.1)
      rspec-core (~> 2.14.0)
      rspec-expectations (~> 2.14.0)
      rspec-mocks (~> 2.14.0)
    rspec-core (2.14.8)
    rspec-expectations (2.14.5)
      diff-lcs (>= 1.1.3, < 2.0)
    rspec-mocks (2.14.6)
    rubinius-actor (0.0.2)
      rubinius-core-api
    rubinius-core-api (0.0.1-java)
    ruby_ami (2.4.0)
      celluloid-io (~> 0.13)
    ruby_fs (1.1.1)
      celluloid-io (~> 0.13)
    ruby_jid (1.0.0)
    ruby_speech (2.3.2)
      activesupport (>= 3.0.7, < 5.0.0)
      nokogiri (~> 1.6)
    ruby_speech (2.3.2-java)
      activesupport (>= 3.0.7, < 5.0.0)
      nokogiri (~> 1.6)
    simplecov (0.8.2)
      docile (~> 1.1.0)
      multi_json
      simplecov-html (~> 0.8.0)
    simplecov-html (0.8.0)
    simplecov-rcov (0.2.3)
      simplecov (>= 0.4.1)
    slop (3.5.0)
    spoon (0.0.4)
      ffi
    state_machine (1.2.0)
    term-ansicolor (1.3.0)
      tins (~> 1.0)
    thor (0.18.1)
    thread_safe (0.3.6)
    thread_safe (0.3.6-java)
    timecop (0.7.1)
    timers (1.1.0)
    tins (1.0.1)
    virtus (0.5.5)
      backports (~> 3.3)
      descendants_tracker (~> 0.0.1)
    yard (0.8.7.3)

PLATFORMS
  java
  ruby

DEPENDENCIES
  activesupport (~> 3.2)
  adhearsion!
  aruba (~> 0.5)
  celluloid (~> 0.15.2)
  ci_reporter
  ci_reporter_cucumber
  ci_reporter_rspec
  coveralls
  cucumber
  guard-cucumber
  guard-rspec
  punchblock (~> 2.0.1)
  rspec (~> 2.14.1)
  simplecov
  simplecov-rcov
  timecop
  yard

BUNDLED WITH
   1.12.5
